GIT
  remote: https://github.com/mmistakes/jekyll-paginate-v2.git
  revision: e21950d111965fa375c0c55382e78c1f9e2a9460
  branch: jekyll-v4
  specs:
    jekyll-paginate-v2 (2.0.0)
      jekyll (>= 3.6, < 5.0)

GIT
  remote: https://gitlab.cecs.anu.edu.au/lucy/jekyll-revealify-plugin.git
  revision: 3d5d2ef6a5c59113af9f506563c5d87c26dc59da
  branch: master
  specs:
    jekyll-revealify-plugin (2.0.0.beta)
      jekyll
      nokogiri

GEM
  remote: https://rubygems.org/
  specs:
    addressable (2.8.0)
      public_suffix (>= 2.0.2, < 5.0)
    bibtex-ruby (5.1.6)
      latex-decode (~> 0.0)
    colorator (1.1.0)
    concurrent-ruby (1.1.9)
    em-websocket (0.5.2)
      eventmachine (>= 0.12.9)
      http_parser.rb (~> 0.6.0)
    ethon (0.14.0)
      ffi (>= 1.15.0)
    eventmachine (1.2.7)
    ffi (1.15.3)
    forwardable-extended (2.6.0)
    html-proofer (3.19.2)
      addressable (~> 2.3)
      mercenary (~> 0.3)
      nokogumbo (~> 2.0)
      parallel (~> 1.3)
      rainbow (~> 3.0)
      typhoeus (~> 1.3)
      yell (~> 2.0)
    http_parser.rb (0.6.0)
    i18n (1.8.10)
      concurrent-ruby (~> 1.0)
    jekyll (4.2.0)
      addressable (~> 2.4)
      colorator (~> 1.0)
      em-websocket (~> 0.5)
      i18n (~> 1.0)
      jekyll-sass-converter (~> 2.0)
      jekyll-watch (~> 2.0)
      kramdown (~> 2.3)
      kramdown-parser-gfm (~> 1.0)
      liquid (~> 4.0)
      mercenary (~> 0.4.0)
      pathutil (~> 0.9)
      rouge (~> 3.0)
      safe_yaml (~> 1.0)
      terminal-table (~> 2.0)
    jekyll-compose (0.12.0)
      jekyll (>= 3.7, < 5.0)
    jekyll-feed (0.15.1)
      jekyll (>= 3.7, < 5.0)
    jekyll-fontawesome-svg (0.3.4)
    jekyll-sass-converter (2.1.0)
      sassc (> 2.0.1, < 3.0)
    jekyll-seo-tag (2.7.1)
      jekyll (>= 3.8, < 5.0)
    jekyll-watch (2.2.1)
      listen (~> 3.0)
    kramdown (2.3.1)
      rexml
    kramdown-parser-gfm (1.1.0)
      kramdown (~> 2.0)
    latex-decode (0.3.2)
    liquid (4.0.3)
    listen (3.6.0)
      rb-fsevent (~> 0.10, >= 0.10.3)
      rb-inotify (~> 0.9, >= 0.9.10)
    mercenary (0.4.0)
    mini_portile2 (2.5.3)
    nokogiri (1.11.7)
      mini_portile2 (~> 2.5.0)
      racc (~> 1.4)
    nokogumbo (2.0.5)
      nokogiri (~> 1.8, >= 1.8.4)
    parallel (1.20.1)
    pathutil (0.16.2)
      forwardable-extended (~> 2.6)
    public_suffix (4.0.6)
    racc (1.5.2)
    rainbow (3.0.0)
    rb-fsevent (0.11.0)
    rb-inotify (0.10.1)
      ffi (~> 1.0)
    rexml (3.2.5)
    rouge (3.26.0)
    safe_yaml (1.0.5)
    sassc (2.4.0)
      ffi (~> 1.9)
    terminal-table (2.0.0)
      unicode-display_width (~> 1.1, >= 1.1.1)
    typhoeus (1.4.0)
      ethon (>= 0.9.0)
    unicode-display_width (1.7.0)
    webrick (1.7.0)
    yell (2.2.2)

PLATFORMS
  ruby

DEPENDENCIES
  bibtex-ruby (~> 5)
  html-proofer
  jekyll (~> 4.2)
  jekyll-compose
  jekyll-feed
  jekyll-fontawesome-svg
  jekyll-paginate-v2!
  jekyll-revealify-plugin!
  jekyll-seo-tag
  webrick

BUNDLED WITH
   2.2.15
