GIT
  remote: https://github.com/mmistakes/jekyll-paginate-v2.git
  revision: e21950d111965fa375c0c55382e78c1f9e2a9460
  branch: jekyll-v4
  specs:
    jekyll-paginate-v2 (2.0.0)
      jekyll (>= 3.6, < 5.0)

GIT
  remote: https://gitlab.cecs.anu.edu.au/lucy/jekyll-revealify-plugin.git
  revision: b990f43a948e04f65e8b2770736ea84f42894d16
  branch: master
  specs:
    jekyll-revealify-plugin (2.1.0)
      jekyll
      nokogiri

GEM
  remote: https://rubygems.org/
  specs:
    Ascii85 (2.0.1)
    addressable (2.8.7)
      public_suffix (>= 2.0.2, < 7.0)
    afm (1.0.0)
    ast (2.4.3)
    async (2.32.0)
      console (~> 1.29)
      fiber-annotation
      io-event (~> 1.11)
      metrics (~> 0.12)
      traces (~> 0.18)
    backport (1.2.0)
    base64 (0.3.0)
    benchmark (0.4.1)
    bibtex-ruby (6.2.0)
      latex-decode (~> 0.0)
      logger (~> 1.7)
      racc (~> 1.7)
    bigdecimal (3.2.3)
    colorator (1.1.0)
    concurrent-ruby (1.3.5)
    console (1.34.0)
      fiber-annotation
      fiber-local (~> 1.1)
      json
    csv (3.3.5)
    diff-lcs (1.6.2)
    em-websocket (0.5.3)
      eventmachine (>= 0.12.9)
      http_parser.rb (~> 0)
    ethon (0.15.0)
      ffi (>= 1.15.0)
    eventmachine (1.2.7)
    ffi (1.17.2-arm64-darwin)
    fiber-annotation (0.2.0)
    fiber-local (1.1.0)
      fiber-storage
    fiber-storage (1.0.1)
    forwardable-extended (2.6.0)
    google-protobuf (4.32.1-arm64-darwin)
      bigdecimal
      rake (>= 13)
    hashery (2.1.2)
    html-proofer (5.0.10)
      addressable (~> 2.3)
      async (~> 2.1)
      nokogiri (~> 1.13)
      pdf-reader (~> 2.11)
      rainbow (~> 3.0)
      typhoeus (~> 1.3)
      yell (~> 2.0)
      zeitwerk (~> 2.5)
    http_parser.rb (0.8.0)
    i18n (1.14.7)
      concurrent-ruby (~> 1.0)
    io-event (1.14.0)
    jaro_winkler (1.6.1)
    jekyll (4.4.1)
      addressable (~> 2.4)
      base64 (~> 0.2)
      colorator (~> 1.0)
      csv (~> 3.0)
      em-websocket (~> 0.5)
      i18n (~> 1.0)
      jekyll-sass-converter (>= 2.0, < 4.0)
      jekyll-watch (~> 2.0)
      json (~> 2.6)
      kramdown (~> 2.3, >= 2.3.1)
      kramdown-parser-gfm (~> 1.0)
      liquid (~> 4.0)
      mercenary (~> 0.3, >= 0.3.6)
      pathutil (~> 0.9)
      rouge (>= 3.0, < 5.0)
      safe_yaml (~> 1.0)
      terminal-table (>= 1.8, < 4.0)
      webrick (~> 1.7)
    jekyll-compose (0.12.0)
      jekyll (>= 3.7, < 5.0)
    jekyll-feed (0.17.0)
      jekyll (>= 3.7, < 5.0)
    jekyll-fontawesome-svg (0.4.0)
    jekyll-sass-converter (3.1.0)
      sass-embedded (~> 1.75)
    jekyll-seo-tag (2.8.0)
      jekyll (>= 3.8, < 5.0)
    jekyll-sitemap (1.4.0)
      jekyll (>= 3.7, < 5.0)
    jekyll-watch (2.2.1)
      listen (~> 3.0)
    json (2.13.2)
    kramdown (2.5.1)
      rexml (>= 3.3.9)
    kramdown-parser-gfm (1.1.0)
      kramdown (~> 2.0)
    language_server-protocol (3.17.0.5)
    latex-decode (0.4.0)
    lint_roller (1.1.0)
    liquid (4.0.4)
    listen (3.9.0)
      rb-fsevent (~> 0.10, >= 0.10.3)
      rb-inotify (~> 0.9, >= 0.9.10)
    logger (1.7.0)
    mercenary (0.4.0)
    metrics (0.15.0)
    nokogiri (1.18.10-arm64-darwin)
      racc (~> 1.4)
    observer (0.1.2)
    ostruct (0.6.3)
    parallel (1.27.0)
    parser (3.3.9.0)
      ast (~> 2.4.1)
      racc
    pathutil (0.16.2)
      forwardable-extended (~> 2.6)
    pdf-reader (2.15.0)
      Ascii85 (>= 1.0, < 3.0, != 2.0.0)
      afm (>= 0.2.1, < 2)
      hashery (~> 2.0)
      ruby-rc4
      ttfunk
    prism (1.5.1)
    public_suffix (6.0.2)
    racc (1.8.1)
    rainbow (3.1.1)
    rake (13.3.0)
    rb-fsevent (0.11.2)
    rb-inotify (0.11.1)
      ffi (~> 1.0)
    rbs (3.9.5)
      logger
    regexp_parser (2.11.3)
    reverse_markdown (3.0.0)
      nokogiri
    rexml (3.4.4)
    rouge (4.6.0)
    rubocop (1.80.2)
      json (~> 2.3)
      language_server-protocol (~> 3.17.0.2)
      lint_roller (~> 1.1.0)
      parallel (~> 1.10)
      parser (>= 3.3.0.2)
      rainbow (>= 2.2.2, < 4.0)
      regexp_parser (>= 2.9.3, < 3.0)
      rubocop-ast (>= 1.46.0, < 2.0)
      ruby-progressbar (~> 1.7)
      unicode-display_width (>= 2.4.0, < 4.0)
    rubocop-ast (1.46.0)
      parser (>= 3.3.7.2)
      prism (~> 1.4)
    ruby-progressbar (1.13.0)
    ruby-rc4 (0.1.5)
    safe_yaml (1.0.5)
    sass-embedded (1.92.1-arm64-darwin)
      google-protobuf (~> 4.31)
    solargraph (0.57.0)
      backport (~> 1.2)
      benchmark (~> 0.4)
      bundler (~> 2.0)
      diff-lcs (~> 1.4)
      jaro_winkler (~> 1.6, >= 1.6.1)
      kramdown (~> 2.3)
      kramdown-parser-gfm (~> 1.1)
      logger (~> 1.6)
      observer (~> 0.1)
      ostruct (~> 0.6)
      parser (~> 3.0)
      prism (~> 1.4)
      rbs (>= 3.6.1, <= 4.0.0.dev.4)
      reverse_markdown (~> 3.0)
      rubocop (~> 1.76)
      thor (~> 1.0)
      tilt (~> 2.0)
      yard (~> 0.9, >= 0.9.24)
      yard-activesupport-concern (~> 0.0)
      yard-solargraph (~> 0.1)
    terminal-table (3.0.2)
      unicode-display_width (>= 1.1.1, < 3)
    thor (1.4.0)
    tilt (2.6.1)
    traces (0.18.2)
    ttfunk (1.8.0)
      bigdecimal (~> 3.1)
    typhoeus (1.5.0)
      ethon (>= 0.9.0, < 0.16.0)
    unicode-display_width (2.6.0)
    webrick (1.9.1)
    yard (0.9.37)
    yard-activesupport-concern (0.0.1)
      yard (>= 0.8)
    yard-solargraph (0.1.0)
      yard (~> 0.9)
    yell (2.2.2)
    zeitwerk (2.7.3)

PLATFORMS
  arm64-darwin-23
  arm64-darwin-24

DEPENDENCIES
  base64
  bibtex-ruby (~> 6)
  csv
  html-proofer
  jekyll (~> 4.4)
  jekyll-compose
  jekyll-feed
  jekyll-fontawesome-svg
  jekyll-paginate-v2!
  jekyll-revealify-plugin!
  jekyll-seo-tag
  jekyll-sitemap
  rubocop
  solargraph
  webrick

BUNDLED WITH
   2.7.2
